GEM
  remote: http://rubygems.org/
  specs:
    activesupport (6.0.1)
      concurrent-ruby (~> 1.0, >= 1.0.2)
      i18n (>= 0.7, < 2)
      minitest (~> 5.1)
      tzinfo (~> 1.1)
      zeitwerk (~> 2.2)
    builder (3.0.0)
    concurrent-ruby (1.1.5)
    crack (0.1.8)
    httparty (0.7.8)
      crack (= 0.1.8)
    i18n (0.9.5)
      concurrent-ruby (~> 1.0)
    json (2.2.0)
    jwt (0.1.4)
      json (>= 1.2.4)
    meta-spotify (0.1.6)
      crack (>= 0.1.4)
      httparty (>= 0.4.5, < 0.8)
    minitest (5.13.0)
    multi_json (1.14.1)
    mustermann (2.0.2)
      ruby2_keywords (~> 0.0.1)
    pusher (0.8.3)
      crack (~> 0.1.0)
      multi_json (~> 1.0)
      ruby-hmac (~> 0.4.0)
      signature (~> 0.1.2)
    rack (2.2.4)
    rack-protection (2.2.3)
      rack
    ruby-hmac (0.4.0)
    ruby2_keywords (0.0.5)
    signature (0.1.2)
      ruby-hmac
    sinatra (2.2.3)
      mustermann (~> 2.0)
      rack (~> 2.2)
      rack-protection (= 2.2.3)
      tilt (~> 2.0)
    thread_safe (0.3.6)
    tilt (2.0.11)
    twilio-rb (2.1.3)
      activesupport (>= 3.0.0)
      builder (>= 2.1.2)
      httparty (>= 0.6.1)
      i18n (~> 0.5)
      jwt (>= 0.1.3)
      yajl-ruby (~> 1.0.0)
    tzinfo (1.2.5)
      thread_safe (~> 0.1)
    yajl-ruby (1.0.0)
    zeitwerk (2.2.1)

PLATFORMS
  ruby

DEPENDENCIES
  meta-spotify
  pusher
  sinatra
  twilio-rb
